GEM
  remote: https://rubygems.org/
  specs:
    mini_portile2 (2.4.0)
    minitest (5.14.0)
    nokogiri (1.10.8)
      mini_portile2 (~> 2.4.0)
    rake (13.0.1)

PLATFORMS
  ruby

DEPENDENCIES
  minitest (~> 5.14.0)
  nokogiri (~> 1.10.8)
  rake (~> 13.0.1)

BUNDLED WITH
   1.17.3
